GEM
  remote: https://rubygems.org/
  specs:
    crass (1.0.2)
    curb (0.9.3)
    kgio (2.11.0)
    mini_portile2 (2.2.0)
    mustermann (1.0.0)
    nokogiri (1.8.0)
      mini_portile2 (~> 2.2.0)
    nokogumbo (1.4.13)
      nokogiri
    rack (2.0.3)
    rack-protection (2.0.0)
      rack
    raindrops (0.18.0)
    sanitize (4.5.0)
      crass (~> 1.0.2)
      nokogiri (>= 1.4.4)
      nokogumbo (~> 1.4.1)
    sinatra (2.0.0)
      mustermann (~> 1.0)
      rack (~> 2.0)
      rack-protection (= 2.0.0)
      tilt (~> 2.0)
    tilt (2.0.7)
    unicorn (5.3.0)
      kgio (~> 2.6)
      raindrops (~> 0.7)

PLATFORMS
  ruby

DEPENDENCIES
  curb
  sanitize
  sinatra
  unicorn

BUNDLED WITH
   1.13.6
