GEM
  remote: https://rubygems.org/
  specs:
    crass (1.0.2)
    curb (0.9.3)
    kgio (2.11.0)
    mini_portile2 (2.2.0)
    nokogiri (1.8.0)
      mini_portile2 (~> 2.2.0)
    nokogumbo (1.4.13)
      nokogiri
    rack (1.6.8)
    rack-protection (1.5.3)
      rack
    raindrops (0.18.0)
    sanitize (4.5.0)
      crass (~> 1.0.2)
      nokogiri (>= 1.4.4)
      nokogumbo (~> 1.4.1)
    sinatra-base (1.4.0)
      rack (~> 1.3, >= 1.3.6)
      rack-protection (~> 1.2)
      tilt (~> 1.3, >= 1.3.3)
    tilt (1.4.1)
    unicorn (5.3.0)
      kgio (~> 2.6)
      raindrops (~> 0.7)

PLATFORMS
  ruby

DEPENDENCIES
  curb
  rack
  sanitize
  sinatra-base
  unicorn

BUNDLED WITH
   1.13.6
